GEM
  remote: https://rubygems.org/
  specs:
    chunky_png (1.3.15)
    oily_png (1.2.1)
      chunky_png (~> 1.3.7)

PLATFORMS
  arm64-darwin-21

DEPENDENCIES
  chunky_png
  oily_png

BUNDLED WITH
   2.2.32
